GEM
  remote: http://rubygems.org/
  specs:
    coderay (0.9.8)
    diff-lcs (1.1.2)
    guard (0.5.1)
      thor (~> 0.14.6)
    guard-rspec (0.4.0)
      guard (>= 0.4.0)
    method_source (0.6.0)
      ruby_parser (>= 2.0.5)
    pry (0.9.2)
      coderay (>= 0.9.8)
      method_source (>= 0.6.0)
      ruby_parser (>= 2.0.5)
      slop (~> 1.9.0)
    pry-doc (0.3.0)
      pry (>= 0.9.0)
      yard (>= 0.6.4)
    rb-fsevent (0.4.1)
    rspec (2.6.0)
      rspec-core (~> 2.6.0)
      rspec-expectations (~> 2.6.0)
      rspec-mocks (~> 2.6.0)
    rspec-core (2.6.4)
    rspec-expectations (2.6.0)
      diff-lcs (~> 1.1.2)
    rspec-mocks (2.6.0)
    ruby_parser (2.0.6)
      sexp_processor (~> 3.0)
    sexp_processor (3.0.5)
    slop (1.9.1)
    thor (0.14.6)
    yard (0.7.2)

PLATFORMS
  ruby

DEPENDENCIES
  guard-rspec
  pry
  pry-doc
  rb-fsevent
  rspec
